GEM
  remote: https://rubygems.org/
  specs:
    bitter (0.0.1)
    bourbon (4.0.2)
      sass (~> 3.3)
      thor
    coffee-script (2.3.0)
      coffee-script-source
      execjs
    coffee-script-source (1.8.0)
    daemons (1.1.9)
    eventmachine (1.0.3)
    execjs (2.2.2)
    hike (1.2.3)
    json (1.8.1)
    kgio (2.9.2)
    multi_json (1.10.1)
    neat (1.7.0)
      bourbon (>= 4.0)
      sass (>= 3.3)
    rack (1.5.2)
    rack-protection (1.5.3)
      rack
    rack_csrf (2.5.0)
      rack (>= 1.1.0)
    raindrops (0.13.0)
    rake (10.3.2)
    sass (3.4.6)
    shotgun (0.9)
      rack (>= 1.0)
    sinatra (1.4.5)
      rack (~> 1.4)
      rack-protection (~> 1.4)
      tilt (~> 1.3, >= 1.3.4)
    sinatra-asset-pipeline (0.5.0)
      coffee-script
      rake
      sass
      sinatra
      sprockets
      sprockets-helpers
      sprockets-sass
    sprockets (2.12.2)
      hike (~> 1.2)
      multi_json (~> 1.0)
      rack (~> 1.0)
      tilt (~> 1.1, != 1.3.0)
    sprockets-helpers (1.1.0)
      sprockets (~> 2.0)
    sprockets-sass (1.2.0)
      sprockets (~> 2.0)
      tilt (~> 1.1)
    thin (1.6.3)
      daemons (~> 1.0, >= 1.0.9)
      eventmachine (~> 1.0)
      rack (~> 1.0)
    thor (0.19.1)
    tilt (1.4.1)
    uglifier (2.5.3)
      execjs (>= 0.3.0)
      json (>= 1.8.0)
    unicorn (4.8.3)
      kgio (~> 2.6)
      rack
      raindrops (~> 0.7)

PLATFORMS
  ruby

DEPENDENCIES
  bitter (~> 0.0.1)
  bourbon (~> 4.0.2)
  neat (~> 1.7.0)
  rack_csrf (~> 2.5.0)
  shotgun
  sinatra (~> 1.4.5)
  sinatra-asset-pipeline (~> 0.5.0)
  thin
  uglifier (~> 2.5.3)
  unicorn (~> 4.8.3)
